GEM
  specs:
    pg (1.3.5)
    sequel (5.57.0)

PLATFORMS
  ruby

DEPENDENCIES
  pg (~> 1.3)
  sequel (~> 5.57)

BUNDLED WITH
   2.1.4
